GIT
  remote: git://github.com/mkroman/blur.git
  revision: 9debfda8cd8b1be9fb09dede8c1e0727d6892078
  specs:
    blur (1.8.5)
      eventmachine (> 0.12)
      majic (>= 0.2)

GEM
  remote: https://rubygems.org/
  specs:
    activesupport (4.1.2)
      i18n (~> 0.6, >= 0.6.9)
      json (~> 1.7, >= 1.7.7)
      minitest (~> 5.1)
      thread_safe (~> 0.1)
      tzinfo (~> 1.1)
    addressable (2.3.6)
    cookiejar (0.3.2)
    em-http-request (1.1.2)
      addressable (>= 2.3.4)
      cookiejar
      em-socksify (>= 0.3)
      eventmachine (>= 1.0.3)
      http_parser.rb (>= 0.6.0)
    em-socksify (0.3.0)
      eventmachine (>= 1.0.0.beta.4)
    eventmachine (1.0.3)
    htmlentities (4.3.2)
    http_parser.rb (0.6.0)
    i18n (0.6.9)
    json (1.8.1)
    majic (0.4.3)
      activesupport
    mini_portile (0.6.0)
    minitest (5.3.5)
    multi_json (1.10.1)
    nokogiri (1.6.2.1)
      mini_portile (= 0.6.0)
    oj (2.9.8)
    thread_safe (0.3.4)
    tzinfo (1.2.1)
      thread_safe (~> 0.1)
    yahoo_weatherman (2.0.0)
      nokogiri

PLATFORMS
  ruby

DEPENDENCIES
  blur!
  em-http-request
  htmlentities
  multi_json
  nokogiri
  oj
  yahoo_weatherman
